PATH
  remote: .
  specs:
    dru (1.0.0)
      pastel (~> 0.7.2)
      thor (~> 0.20.0)
      tty-command (~> 0.8.0)
      tty-config (~> 0.3.1)
      tty-which (~> 0.3.0)

GEM
  remote: https://rubygems.org/
  specs:
    diff-lcs (1.3)
    docile (1.3.1)
    equatable (0.5.0)
    json (2.2.0)
    pastel (0.7.2)
      equatable (~> 0.5.0)
      tty-color (~> 0.4.0)
    rake (10.5.0)
    rake-compiler (1.0.5)
      rake
    rspec (3.8.0)
      rspec-core (~> 3.8.0)
      rspec-expectations (~> 3.8.0)
      rspec-mocks (~> 3.8.0)
    rspec-core (3.8.0)
      rspec-support (~> 3.8.0)
    rspec-expectations (3.8.2)
      diff-lcs (>= 1.2.0, < 2.0)
      rspec-support (~> 3.8.0)
    rspec-mocks (3.8.0)
      diff-lcs (>= 1.2.0, < 2.0)
      rspec-support (~> 3.8.0)
    rspec-support (3.8.0)
    simplecov (0.16.1)
      docile (~> 1.1)
      json (>= 1.8, < 3)
      simplecov-html (~> 0.10.0)
    simplecov-html (0.10.2)
    thor (0.20.3)
    tty-color (0.4.3)
    tty-command (0.8.2)
      pastel (~> 0.7.0)
    tty-config (0.3.1)
    tty-which (0.3.0)

PLATFORMS
  ruby

DEPENDENCIES
  bundler (~> 1.16)
  dru!
  rake (~> 10.0)
  rake-compiler
  rspec (~> 3.0)
  simplecov (~> 0.16.1)

BUNDLED WITH
   1.17.3
